GEM
  remote: http://rubygems.org/
  specs:
    builder (3.0.0)
    cucumber (1.1.4)
      builder (>= 2.1.2)
      diff-lcs (>= 1.1.2)
      gherkin (~> 2.7.1)
      json (>= 1.4.6)
      term-ansicolor (>= 1.0.6)
    diff-lcs (1.1.3)
    gherkin (2.7.6)
      json (>= 1.4.6)
    json (1.6.5)
    osmlib-base (0.1.4)
    rake (0.9.2.2)
    sys-proctable (0.9.1)
    term-ansicolor (1.0.7)

PLATFORMS
  ruby

DEPENDENCIES
  cucumber
  osmlib-base
  rake
  sys-proctable
